GIT
  remote: https://github.com/isantoshsingh/ruby-babel-transpiler
  revision: db6826234807f644bbc892db2df89e0ebb3c1076
  specs:
    babel-transpiler (0.7.1)
      babel-source (>= 4.0, < 6)
      execjs (~> 2.0)

GEM
  remote: https://rubygems.org/
  specs:
    Ascii85 (1.0.3)
    addressable (2.8.0)
      public_suffix (>= 2.0.2, < 5.0)
    afm (0.2.2)
    asciidoctor (2.0.10)
    asciidoctor-diagram (2.0.2)
      asciidoctor (>= 1.5.7, < 3.x)
    asciidoctor-pdf (1.5.3)
      asciidoctor (>= 1.5.3, < 3.0.0)
      concurrent-ruby (~> 1.1.0)
      prawn (~> 2.2.0)
      prawn-icon (~> 2.5.0)
      prawn-svg (~> 0.30.0)
      prawn-table (~> 0.2.0)
      prawn-templates (~> 0.1.0)
      safe_yaml (~> 1.0.0)
      thread_safe (~> 0.3.0)
      treetop (~> 1.6.0)
      ttfunk (~> 1.5.0, >= 1.5.1)
    ast (2.4.0)
    axiom-types (0.1.1)
      descendants_tracker (~> 0.0.4)
      ice_nine (~> 0.11.0)
      thread_safe (~> 0.3, >= 0.3.1)
    babel-source (5.8.35)
    childprocess (3.0.0)
    codeclimate-engine-rb (0.4.1)
      virtus (~> 1.0)
    coderay (1.1.2)
    coercible (1.0.0)
      descendants_tracker (~> 0.0.1)
    concurrent-ruby (1.1.6)
    css_parser (1.7.1)
      addressable
    descendants_tracker (0.0.4)
      thread_safe (~> 0.3, >= 0.3.1)
    docile (1.3.2)
    equalizer (0.0.11)
    erubis (2.7.0)
    ethon (0.12.0)
      ffi (>= 1.3.0)
    execjs (2.8.1)
    ffi (1.12.2)
    flay (2.12.1)
      erubis (~> 2.7.0)
      path_expander (~> 1.0)
      ruby_parser (~> 3.0)
      sexp_processor (~> 4.0)
    flog (4.6.4)
      path_expander (~> 1.0)
      ruby_parser (~> 3.1, > 3.1.0)
      sexp_processor (~> 4.8)
    git (1.6.0)
      rchardet (~> 1.8)
    hashery (2.1.2)
    html-proofer (3.15.2)
      addressable (~> 2.3)
      mercenary (~> 0.3)
      nokogumbo (~> 2.0)
      parallel (~> 1.3)
      rainbow (~> 3.0)
      typhoeus (~> 1.3)
      yell (~> 2.0)
    ice_nine (0.11.2)
    inch (0.8.0)
      pry
      sparkr (>= 0.2.0)
      term-ansicolor
      yard (~> 0.9.12)
    jaro_winkler (1.5.4)
    json (2.3.0)
    kwalify (0.7.2)
    launchy (2.4.3)
      addressable (~> 2.3)
    libv8 (3.16.14.19)
    mercenary (0.4.0)
    method_source (0.9.2)
    mini_portile2 (2.5.3)
    minitest (5.14.0)
    minitest-color (0.0.2)
      minitest (~> 5)
    nokogiri (1.11.4)
      mini_portile2 (~> 2.5.0)
      racc (~> 1.4)
    nokogumbo (2.0.2)
      nokogiri (~> 1.8, >= 1.8.4)
    os (1.1.0)
    parallel (1.19.1)
    parser (2.7.1.1)
      ast (~> 2.4.0)
    path_expander (1.1.0)
    pdf-core (0.7.0)
    pdf-reader (2.4.0)
      Ascii85 (~> 1.0.0)
      afm (~> 0.2.1)
      hashery (~> 2.0)
      ruby-rc4
      ttfunk
    polyglot (0.3.5)
    power_assert (1.2.0)
    prawn (2.2.2)
      pdf-core (~> 0.7.0)
      ttfunk (~> 1.5)
    prawn-icon (2.5.0)
      prawn (>= 1.1.0, < 3.0.0)
    prawn-svg (0.30.0)
      css_parser (~> 1.6)
      prawn (>= 0.11.1, < 3)
    prawn-table (0.2.2)
      prawn (>= 1.3.0, < 3.0.0)
    prawn-templates (0.1.2)
      pdf-reader (~> 2.0)
      prawn (~> 2.2)
    pry (0.12.2)
      coderay (~> 1.1.0)
      method_source (~> 0.9.0)
    psych (3.1.0)
    public_suffix (4.0.6)
    racc (1.5.2)
    rainbow (3.0.0)
    rake (13.0.1)
    rchardet (1.8.0)
    rdoc (6.3.2)
    reek (5.6.0)
      codeclimate-engine-rb (~> 0.4.0)
      kwalify (~> 0.7.0)
      parser (>= 2.5.0.0, < 2.8, != 2.5.1.1)
      psych (~> 3.1.0)
      rainbow (>= 2.0, < 4.0)
    ref (2.0.0)
    rubocop (0.69.0)
      jaro_winkler (~> 1.5.1)
      parallel (~> 1.10)
      parser (>= 2.6)
      rainbow (>= 2.2.2, < 4.0)
      ruby-progressbar (~> 1.7)
      unicode-display_width (>= 1.4.0, < 1.7)
    rubocop-jekyll (0.11.0)
      rubocop (>= 0.68.0, < 0.81.0)
      rubocop-performance (~> 1.2)
    rubocop-performance (1.3.0)
      rubocop (>= 0.68.0)
    ruby-progressbar (1.10.1)
    ruby-rc4 (0.1.5)
    ruby_parser (3.14.2)
      sexp_processor (~> 4.9)
    rubycritic (4.4.1)
      flay (~> 2.8)
      flog (~> 4.4)
      launchy (= 2.4.3)
      parser (>= 2.6.0)
      rainbow (~> 3.0)
      reek (~> 5.0, < 6.0)
      ruby_parser (~> 3.8)
      simplecov (>= 0.17.0)
      tty-which (~> 0.4.0)
      virtus (~> 1.0)
    rubyzip (2.3.0)
    safe_yaml (1.0.5)
    selenium-webdriver (3.142.7)
      childprocess (>= 0.5, < 4.0)
      rubyzip (>= 1.2.2)
    sexp_processor (4.14.1)
    simplecov (0.18.5)
      docile (~> 1.1)
      simplecov-html (~> 0.11)
    simplecov-html (0.12.2)
    simplecov-lcov (0.8.0)
    sparkr (0.4.1)
    sync (0.5.0)
    term-ansicolor (1.7.1)
      tins (~> 1.0)
    test-unit (3.3.5)
      power_assert
    therubyracer (0.12.3)
      libv8 (~> 3.16.14.15)
      ref
    thread (0.2.2)
    thread_safe (0.3.6)
    tins (1.24.1)
      sync
    treetop (1.6.10)
      polyglot (~> 0.3)
    ttfunk (1.5.1)
    tty-which (0.4.2)
    typhoeus (1.3.1)
      ethon (>= 0.9.0)
    unicode-display_width (1.6.1)
    virtus (1.0.5)
      axiom-types (~> 0.1)
      coercible (~> 1.0)
      descendants_tracker (~> 0.0, >= 0.0.3)
      equalizer (~> 0.0, >= 0.0.9)
    yard (0.9.24)
    yell (2.2.2)

PLATFORMS
  ruby

DEPENDENCIES
  asciidoctor (~> 2.0.10)
  asciidoctor-diagram (~> 2.0.0)
  asciidoctor-pdf (~> 1.5.0.beta.5)
  babel-transpiler (>= 0.7.0)!
  coderay (~> 1.1)
  concurrent-ruby (~> 1.1)
  git (~> 1.5)
  html-proofer (~> 3.15)
  inch (~> 0.8.0)
  json (~> 2.3)
  minitest (~> 5.14)
  minitest-color (~> 0.0.2)
  nokogiri (~> 1.11.4)
  os (~> 1.0)
  pry (~> 0.12.2)
  rake (~> 13.0)
  rdoc (~> 6.3)
  rubocop (~> 0.69.0)
  rubocop-jekyll (~> 0.11.0)
  rubocop-performance (~> 1.3)
  rubycritic (~> 4.3, >= 4.3.1)
  selenium-webdriver (~> 3.142)
  simplecov (~> 0.18)
  simplecov-lcov (~> 0.8.0)
  test-unit (~> 3.3)
  therubyracer
  thread (~> 0.2.2)

BUNDLED WITH
   2.1.4
